PATH
  remote: .
  specs:
    sequel-redshift (0.0.1)
      pg
      sequel

GEM
  remote: https://rubygems.org/
  specs:
    diff-lcs (1.3)
    pg (1.2.2)
    rake (13.0.1)
    rspec (3.9.0)
      rspec-core (~> 3.9.0)
      rspec-expectations (~> 3.9.0)
      rspec-mocks (~> 3.9.0)
    rspec-core (3.9.1)
      rspec-support (~> 3.9.1)
    rspec-expectations (3.9.0)
      diff-lcs (>= 1.2.0, < 2.0)
      rspec-support (~> 3.9.0)
    rspec-mocks (3.9.1)
      diff-lcs (>= 1.2.0, < 2.0)
      rspec-support (~> 3.9.0)
    rspec-support (3.9.2)
    sequel (5.28.0)

PLATFORMS
  ruby

DEPENDENCIES
  bundler
  rake
  rspec
  sequel-redshift!

BUNDLED WITH
   2.1.4
